GIT
  remote: https://github.com/sunspot/sunspot.git
  revision: 6cddd9f53e3eb311ee1875435b91071ceae292ce
  ref: 6cddd9f
  glob: sunspot_rails/*.gemspec
  specs:
    sunspot_rails (2.5.0)
      rails (>= 3)
      sunspot (= 2.5.0)

GIT
  remote: https://github.com/sunspot/sunspot.git
  revision: 6cddd9f53e3eb311ee1875435b91071ceae292ce
  ref: 6cddd9f
  glob: sunspot_solr/*.gemspec
  specs:
    sunspot_solr (2.5.0)

GEM
  remote: https://rubygems.org/
  specs:
    actioncable (6.0.4.7)
      actionpack (= 6.0.4.7)
      nio4r (~> 2.0)
      websocket-driver (>= 0.6.1)
    actionmailbox (6.0.4.7)
      actionpack (= 6.0.4.7)
      activejob (= 6.0.4.7)
      activerecord (= 6.0.4.7)
      activestorage (= 6.0.4.7)
      activesupport (= 6.0.4.7)
      mail (>= 2.7.1)
    actionmailer (6.0.4.7)
      actionpack (= 6.0.4.7)
      actionview (= 6.0.4.7)
      activejob (= 6.0.4.7)
      mail (~> 2.5, >= 2.5.4)
      rails-dom-testing (~> 2.0)
    actionpack (6.0.4.7)
      actionview (= 6.0.4.7)
      activesupport (= 6.0.4.7)
      rack (~> 2.0, >= 2.0.8)
      rack-test (>= 0.6.3)
      rails-dom-testing (~> 2.0)
      rails-html-sanitizer (~> 1.0, >= 1.2.0)
    actiontext (6.0.4.7)
      actionpack (= 6.0.4.7)
      activerecord (= 6.0.4.7)
      activestorage (= 6.0.4.7)
      activesupport (= 6.0.4.7)
      nokogiri (>= 1.8.5)
    actionview (6.0.4.7)
      activesupport (= 6.0.4.7)
      builder (~> 3.1)
      erubi (~> 1.4)
      rails-dom-testing (~> 2.0)
      rails-html-sanitizer (~> 1.1, >= 1.2.0)
    activejob (6.0.4.7)
      activesupport (= 6.0.4.7)
      globalid (>= 0.3.6)
    activemodel (6.0.4.7)
      activesupport (= 6.0.4.7)
    activerecord (6.0.4.7)
      activemodel (= 6.0.4.7)
      activesupport (= 6.0.4.7)
    activerecord-pedantmysql2-adapter (1.3.1)
      activerecord (>= 6.0)
      mysql2 (>= 0.3.12)
    activestorage (6.0.4.7)
      actionpack (= 6.0.4.7)
      activejob (= 6.0.4.7)
      activerecord (= 6.0.4.7)
      marcel (~> 1.0.0)
    activesupport (6.0.4.7)
      concurrent-ruby (~> 1.0, >= 1.0.2)
      i18n (>= 0.7, < 2)
      minitest (~> 5.1)
      tzinfo (~> 1.1)
      zeitwerk (~> 2.2, >= 2.2.2)
    addressable (2.8.0)
      public_suffix (>= 2.0.2, < 5.0)
    airbrussh (1.4.0)
      sshkit (>= 1.6.1, != 1.7.0)
    ast (2.4.2)
    bcrypt (3.1.17)
    better_errors (2.9.1)
      coderay (>= 1.0.0)
      erubi (>= 1.0.0)
      rack (>= 0.9.0)
    binding_of_caller (1.0.0)
      debug_inspector (>= 0.0.1)
    bixby (4.0.0)
      rubocop (>= 1, < 2)
      rubocop-ast
      rubocop-performance
      rubocop-rails
      rubocop-rspec
    builder (3.2.4)
    byebug (11.1.3)
    capistrano (3.17.0)
      airbrussh (>= 1.0.0)
      i18n
      rake (>= 10.0.0)
      sshkit (>= 1.9.0)
    capistrano-bundler (2.0.1)
      capistrano (~> 3.1)
    capistrano-passenger (0.2.1)
      capistrano (~> 3.0)
    capistrano-rails (1.6.2)
      capistrano (~> 3.1)
      capistrano-bundler (>= 1.1, < 3)
    capybara (3.36.0)
      addressable
      matrix
      mini_mime (>= 0.1.3)
      nokogiri (~> 1.8)
      rack (>= 1.6.0)
      rack-test (>= 0.6.3)
      regexp_parser (>= 1.5, < 3.0)
      xpath (~> 3.2)
    coderay (1.1.3)
    coffee-rails (5.0.0)
      coffee-script (>= 2.2.0)
      railties (>= 5.2.0)
    coffee-script (2.4.1)
      coffee-script-source
      execjs
    coffee-script-source (1.12.2)
    concurrent-ruby (1.1.10)
    crass (1.0.6)
    database_cleaner-active_record (2.0.1)
      activerecord (>= 5.a)
      database_cleaner-core (~> 2.0.0)
    database_cleaner-core (2.0.1)
    ddtrace (1.0.0)
      debase-ruby_core_source (<= 0.10.15)
      libddwaf (~> 1.3.0.0.0.a)
      msgpack
    debase-ruby_core_source (0.10.15)
    debug_inspector (1.1.0)
    devise (4.8.1)
      bcrypt (~> 3.0)
      orm_adapter (~> 0.1)
      railties (>= 4.1.0)
      responders
      warden (~> 1.2.3)
    diff-lcs (1.5.0)
    dry-configurable (0.14.0)
      concurrent-ruby (~> 1.0)
      dry-core (~> 0.6)
    dry-container (0.9.0)
      concurrent-ruby (~> 1.0)
      dry-configurable (~> 0.13, >= 0.13.0)
    dry-core (0.7.1)
      concurrent-ruby (~> 1.0)
    dry-inflector (0.2.1)
    dry-logic (1.2.0)
      concurrent-ruby (~> 1.0)
      dry-core (~> 0.5, >= 0.5)
    dry-types (1.5.1)
      concurrent-ruby (~> 1.0)
      dry-container (~> 0.3)
      dry-core (~> 0.5, >= 0.5)
      dry-inflector (~> 0.1, >= 0.1.2)
      dry-logic (~> 1.0, >= 1.0.2)
    erubi (1.10.0)
    execjs (2.8.1)
    factory_bot (6.2.1)
      activesupport (>= 5.0.0)
    factory_bot_rails (6.2.0)
      factory_bot (~> 6.2.0)
      railties (>= 5.0.0)
    faker (2.20.0)
      i18n (>= 1.8.11, < 2)
    faraday (2.2.0)
      faraday-net_http (~> 2.0)
      ruby2_keywords (>= 0.0.4)
    faraday-net_http (2.0.2)
    ffi (1.15.5)
    formatador (1.1.0)
    globalid (1.0.0)
      activesupport (>= 5.0)
    grape (1.6.2)
      activesupport
      builder
      dry-types (>= 1.1)
      mustermann-grape (~> 1.0.0)
      rack (>= 1.3.0)
      rack-accept
    grape-entity (0.10.1)
      activesupport (>= 3.0.0)
      multi_json (>= 1.3.2)
    grape-swagger (1.4.2)
      grape (~> 1.3)
    grape-swagger-rails (0.3.1)
      railties (>= 3.2.12)
    guard (2.18.0)
      formatador (>= 0.2.4)
      listen (>= 2.7, < 4.0)
      lumberjack (>= 1.0.12, < 2.0)
      nenv (~> 0.1)
      notiffany (~> 0.0)
      pry (>= 0.13.0)
      shellany (~> 0.0)
      thor (>= 0.18.1)
    guard-compat (1.2.1)
    guard-rspec (4.7.3)
      guard (~> 2.1)
      guard-compat (~> 1.1)
      rspec (>= 2.99.0, < 4.0)
    hashie (5.0.0)
    highline (2.0.3)
    i18n (1.10.0)
      concurrent-ruby (~> 1.0)
    jbuilder (2.11.5)
      actionview (>= 5.0.0)
      activesupport (>= 5.0.0)
    jquery-rails (4.4.0)
      rails-dom-testing (>= 1, < 3)
      railties (>= 4.2.0)
      thor (>= 0.14, < 2.0)
    json (2.6.1)
    kaminari (1.2.2)
      activesupport (>= 4.1.0)
      kaminari-actionview (= 1.2.2)
      kaminari-activerecord (= 1.2.2)
      kaminari-core (= 1.2.2)
    kaminari-actionview (1.2.2)
      actionview
      kaminari-core (= 1.2.2)
    kaminari-activerecord (1.2.2)
      activerecord
      kaminari-core (= 1.2.2)
    kaminari-core (1.2.2)
    launchy (2.5.0)
      addressable (~> 2.7)
    libddwaf (1.3.0.0.0-x86_64-darwin)
      ffi (~> 1.0)
    libddwaf (1.3.0.0.0-x86_64-linux)
      ffi (~> 1.0)
    libv8 (3.16.14.19)
    libv8 (3.16.14.19-x86_64-linux)
    listen (3.7.1)
      rb-fsevent (~> 0.10, >= 0.10.3)
      rb-inotify (~> 0.9, >= 0.9.10)
    loofah (2.16.0)
      crass (~> 1.0.2)
      nokogiri (>= 1.5.9)
    lumberjack (1.2.8)
    mail (2.7.1)
      mini_mime (>= 0.1.1)
    marcel (1.0.2)
    matrix (0.4.2)
    method_source (1.0.0)
    mini_mime (1.1.2)
    minitest (5.15.0)
    modernizr-rails (2.7.1)
    msgpack (1.5.1)
    multi_json (1.15.0)
    mustermann (1.1.1)
      ruby2_keywords (~> 0.0.1)
    mustermann-grape (1.0.1)
      mustermann (>= 1.0.0)
    mysql2 (0.5.3)
    nenv (0.3.0)
    net-scp (3.0.0)
      net-ssh (>= 2.6.5, < 7.0.0)
    net-ssh (6.1.0)
    nio4r (2.5.8)
    nokogiri (1.13.6-x86_64-darwin)
      racc (~> 1.4)
    nokogiri (1.13.6-x86_64-linux)
      racc (~> 1.4)
    notiffany (0.1.3)
      nenv (~> 0.1)
      shellany (~> 0.0)
    omniauth (1.9.1)
      hashie (>= 3.4.6)
      rack (>= 1.6.2, < 3)
    omniauth-cas (2.0.0)
      addressable (~> 2.3)
      nokogiri (~> 1.5)
      omniauth (~> 1.2)
    options (2.3.2)
    orm_adapter (0.5.0)
    parallel (1.22.1)
    parser (3.1.1.0)
      ast (~> 2.4.1)
    pg (1.3.5)
    pr_geohash (1.0.0)
    progress_bar (1.3.3)
      highline (>= 1.6, < 3)
      options (~> 2.3.0)
    pry (0.13.1)
      coderay (~> 1.1)
      method_source (~> 1.0)
    pry-byebug (3.9.0)
      byebug (~> 11.0)
      pry (~> 0.13.0)
    psych (3.3.2)
    public_suffix (4.0.6)
    racc (1.6.0)
    rack (2.2.3.1)
    rack-accept (0.4.5)
      rack (>= 0.4)
    rack-contrib (2.3.0)
      rack (~> 2.0)
    rack-proxy (0.7.2)
      rack
    rack-test (1.1.0)
      rack (>= 1.0, < 3)
    rails (6.0.4.7)
      actioncable (= 6.0.4.7)
      actionmailbox (= 6.0.4.7)
      actionmailer (= 6.0.4.7)
      actionpack (= 6.0.4.7)
      actiontext (= 6.0.4.7)
      actionview (= 6.0.4.7)
      activejob (= 6.0.4.7)
      activemodel (= 6.0.4.7)
      activerecord (= 6.0.4.7)
      activestorage (= 6.0.4.7)
      activesupport (= 6.0.4.7)
      bundler (>= 1.3.0)
      railties (= 6.0.4.7)
      sprockets-rails (>= 2.0.0)
    rails-controller-testing (1.0.5)
      actionpack (>= 5.0.1.rc1)
      actionview (>= 5.0.1.rc1)
      activesupport (>= 5.0.1.rc1)
    rails-dom-testing (2.0.3)
      activesupport (>= 4.2.0)
      nokogiri (>= 1.6)
    rails-html-sanitizer (1.4.2)
      loofah (~> 2.3)
    railties (6.0.4.7)
      actionpack (= 6.0.4.7)
      activesupport (= 6.0.4.7)
      method_source
      rake (>= 0.8.7)
      thor (>= 0.20.3, < 2.0)
    rainbow (3.1.1)
    rake (13.0.6)
    rb-fsevent (0.11.1)
    rb-inotify (0.10.1)
      ffi (~> 1.0)
    rdoc (6.3.3)
    ref (2.0.0)
    regexp_parser (2.3.0)
    responders (3.0.1)
      actionpack (>= 5.0)
      railties (>= 5.0)
    rexml (3.2.5)
    roo (1.13.2)
      nokogiri
      rubyzip
      spreadsheet (> 0.6.4)
    rsolr (2.5.0)
      builder (>= 2.1.2)
      faraday (>= 0.9, < 3, != 2.0.0)
    rspec (3.11.0)
      rspec-core (~> 3.11.0)
      rspec-expectations (~> 3.11.0)
      rspec-mocks (~> 3.11.0)
    rspec-core (3.11.0)
      rspec-support (~> 3.11.0)
    rspec-expectations (3.11.0)
      diff-lcs (>= 1.2.0, < 2.0)
      rspec-support (~> 3.11.0)
    rspec-mocks (3.11.1)
      diff-lcs (>= 1.2.0, < 2.0)
      rspec-support (~> 3.11.0)
    rspec-rails (5.1.1)
      actionpack (>= 5.2)
      activesupport (>= 5.2)
      railties (>= 5.2)
      rspec-core (~> 3.10)
      rspec-expectations (~> 3.10)
      rspec-mocks (~> 3.10)
      rspec-support (~> 3.10)
    rspec-support (3.11.0)
    rubocop (1.27.0)
      parallel (~> 1.10)
      parser (>= 3.1.0.0)
      rainbow (>= 2.2.2, < 4.0)
      regexp_parser (>= 1.8, < 3.0)
      rexml
      rubocop-ast (>= 1.16.0, < 2.0)
      ruby-progressbar (~> 1.7)
      unicode-display_width (>= 1.4.0, < 3.0)
    rubocop-ast (1.17.0)
      parser (>= 3.1.1.0)
    rubocop-performance (1.13.3)
      rubocop (>= 1.7.0, < 2.0)
      rubocop-ast (>= 0.4.0)
    rubocop-rails (2.14.2)
      activesupport (>= 4.2.0)
      rack (>= 1.1)
      rubocop (>= 1.7.0, < 2.0)
    rubocop-rspec (2.9.0)
      rubocop (~> 1.19)
    ruby-ole (1.2.12.2)
    ruby-progressbar (1.11.0)
    ruby2_keywords (0.0.5)
    rubyzip (2.3.2)
    sass (3.7.4)
      sass-listen (~> 4.0.0)
    sass-listen (4.0.0)
      rb-fsevent (~> 0.9, >= 0.9.4)
      rb-inotify (~> 0.9, >= 0.9.7)
    sass-rails (5.1.0)
      railties (>= 5.2.0)
      sass (~> 3.1)
      sprockets (>= 2.8, < 4.0)
      sprockets-rails (>= 2.0, < 4.0)
      tilt (>= 1.1, < 3)
    sdoc (1.1.0)
      rdoc (>= 5.0)
    semantic_range (3.0.0)
    shellany (0.0.1)
    spreadsheet (1.3.0)
      ruby-ole
    sprockets (3.7.2)
      concurrent-ruby (~> 1.0)
      rack (> 1, < 3)
    sprockets-rails (3.4.2)
      actionpack (>= 5.2)
      activesupport (>= 5.2)
      sprockets (>= 3.0.0)
    sqlite3 (1.4.2)
    sshkit (1.21.2)
      net-scp (>= 1.1.2)
      net-ssh (>= 2.8.0)
    sunspot (2.5.0)
      pr_geohash (~> 1.0)
      rsolr (>= 1.1.1, < 3)
    therubyracer (0.12.3)
      libv8 (~> 3.16.14.15)
      ref
    thor (1.2.1)
    thread_safe (0.3.6)
    tilt (2.0.10)
    turbolinks (5.2.1)
      turbolinks-source (~> 5.2)
    turbolinks-source (5.2.0)
    tzinfo (1.2.10)
      thread_safe (~> 0.1)
    uglifier (4.2.0)
      execjs (>= 0.3.0, < 3)
    unicode-display_width (2.1.0)
    warden (1.2.9)
      rack (>= 2.0.9)
    webpacker (5.4.3)
      activesupport (>= 5.2)
      rack-proxy (>= 0.6.1)
      railties (>= 5.2)
      semantic_range (>= 2.3.0)
    websocket-driver (0.7.5)
      websocket-extensions (>= 0.1.0)
    websocket-extensions (0.1.5)
    will_paginate (3.3.1)
    xpath (3.2.0)
      nokogiri (~> 1.8)
    zeitwerk (2.5.4)

PLATFORMS
  x86_64-darwin-20
  x86_64-linux

DEPENDENCIES
  activerecord-pedantmysql2-adapter
  better_errors
  binding_of_caller
  bixby
  bundler (~> 2.1)
  capistrano
  capistrano-bundler
  capistrano-passenger
  capistrano-rails
  capybara
  coffee-rails (~> 5.0)
  database_cleaner-active_record
  ddtrace
  devise
  execjs
  factory_bot_rails
  faker
  grape (~> 1.5)
  grape-entity (~> 0.9)
  grape-swagger (~> 1.4)
  grape-swagger-rails (~> 0.3)
  guard-rspec
  jbuilder (~> 2.0)
  jquery-rails
  json (>= 2.3.0)
  kaminari
  launchy
  lumberjack
  mail
  modernizr-rails
  mysql2
  omniauth-cas
  pg
  progress_bar
  pry-byebug
  psych (~> 3.3, < 4)
  rack (~> 2.2)
  rack-contrib
  rails (~> 6.0.4, < 6.1)
  rails-controller-testing
  responders (~> 3.0)
  roo (~> 1.13.2)
  rspec-rails
  sass-rails (~> 5.1)
  sdoc (~> 1.1)
  sprockets (~> 3.0)
  sqlite3
  sunspot_rails!
  sunspot_solr!
  therubyracer
  turbolinks
  uglifier (>= 1.3.0)
  webpacker
  will_paginate (~> 3.3)

BUNDLED WITH
   2.3.8
